GIT
  remote: https://github.com/vwall/compass-twitter-bootstrap.git
  revision: e20353ba3c6637e381ada7303206160f4dc0ad22
  specs:
    compass_twitter_bootstrap (2.3.2)
      compass

GEM
  remote: http://rubygems.org/
  specs:
    bootstrap-sass (3.1.1.0)
      sass (~> 3.2)
    chunky_png (1.3.0)
    compass (0.12.3)
      chunky_png (~> 1.2)
      fssm (>= 0.2.7)
      sass (= 3.2.14)
    fssm (0.2.10)
    sass (3.2.14)

PLATFORMS
  ruby

DEPENDENCIES
  bootstrap-sass
  compass_twitter_bootstrap!
